PATH
  remote: .
  specs:
    chroma-db (0.7.0)
      dry-monads (~> 1.6)
      ruby-next (>= 0.15.0)

GEM
  remote: https://rubygems.org/
  specs:
    abbrev (0.1.2)
    addressable (2.8.6)
      public_suffix (>= 2.0.2, < 6.0)
    ast (2.4.2)
    bigdecimal (3.1.7)
    concurrent-ruby (1.2.3)
    crack (1.0.0)
      bigdecimal
      rexml
    diff-lcs (1.5.1)
    dry-core (1.0.1)
      concurrent-ruby (~> 1.0)
      zeitwerk (~> 2.6)
    dry-monads (1.6.0)
      concurrent-ruby (~> 1.0)
      dry-core (~> 1.0, < 2)
      zeitwerk (~> 2.6)
    hashdiff (1.1.0)
    json (2.7.2)
    language_server-protocol (3.17.0.3)
    lint_roller (1.1.0)
    minitest (5.22.3)
    paco (0.2.3)
    parallel (1.24.0)
    parser (3.3.0.5)
      ast (~> 2.4.1)
      racc
    psych (5.1.2)
      stringio
    public_suffix (5.0.5)
    racc (1.7.3)
    rainbow (3.1.1)
    rake (13.2.1)
    rbs (3.4.4)
      abbrev
    rdoc (6.6.3.1)
      psych (>= 4.0.0)
    regexp_parser (2.9.0)
    require-hooks (0.2.2)
    rexml (3.2.6)
    rubocop (1.62.1)
      json (~> 2.3)
      language_server-protocol (>= 3.17.0)
      parallel (~> 1.10)
      parser (>= 3.3.0.2)
      rainbow (>= 2.2.2, < 4.0)
      regexp_parser (>= 1.8, < 3.0)
      rexml (>= 3.2.5, < 4.0)
      rubocop-ast (>= 1.31.1, < 2.0)
      ruby-progressbar (~> 1.7)
      unicode-display_width (>= 2.4.0, < 3.0)
    rubocop-ast (1.31.2)
      parser (>= 3.3.0.4)
    rubocop-performance (1.20.2)
      rubocop (>= 1.48.1, < 2.0)
      rubocop-ast (>= 1.30.0, < 2.0)
    ruby-next (1.0.2)
      paco (~> 0.2)
      require-hooks (~> 0.2)
      ruby-next-core (= 1.0.2)
      ruby-next-parser (>= 3.2.2.0)
      unparser (~> 0.6.0)
    ruby-next-core (1.0.2)
    ruby-next-parser (3.2.2.0)
      parser (>= 3.0.3.1)
    ruby-progressbar (1.13.0)
    sdoc (2.6.1)
      rdoc (>= 5.0)
    standard (1.35.1)
      language_server-protocol (~> 3.17.0.2)
      lint_roller (~> 1.0)
      rubocop (~> 1.62.0)
      standard-custom (~> 1.0.0)
      standard-performance (~> 1.3)
    standard-custom (1.0.2)
      lint_roller (~> 1.0)
      rubocop (~> 1.50)
    standard-performance (1.3.1)
      lint_roller (~> 1.1)
      rubocop-performance (~> 1.20.2)
    stringio (3.1.0)
    unicode-display_width (2.5.0)
    unparser (0.6.13)
      diff-lcs (~> 1.3)
      parser (>= 3.3.0)
    webmock (3.23.0)
      addressable (>= 2.8.0)
      crack (>= 0.3.2)
      hashdiff (>= 0.4.0, < 2.0.0)
    zeitwerk (2.6.13)

PLATFORMS
  arm64-darwin-22
  x86_64-darwin-22
  x86_64-linux

DEPENDENCIES
  chroma-db!
  minitest (~> 5.0)
  rake (~> 13.0)
  rbs (~> 3.1)
  ruby-next (>= 0.15.0)
  sdoc (~> 2.6, >= 2.6.1)
  standard (~> 1.3)
  webmock (~> 3.18, >= 3.18.1)

BUNDLED WITH
   2.4.19
